GEM
  remote: https://rubygems.org/
  specs:
    bson (4.8.2)
    byebug (11.0.1)
    coderay (1.1.2)
    method_source (0.9.2)
    mongo (2.11.4)
      bson (>= 4.4.2, < 5.0.0)
    pry (0.12.2)
      coderay (~> 1.1.0)
      method_source (~> 0.9.0)
    pry-byebug (3.7.0)
      byebug (~> 11.0)
      pry (~> 0.10)
    pycall (1.3.0)

PLATFORMS
  ruby

DEPENDENCIES
  mongo
  pry
  pry-byebug
  pycall

BUNDLED WITH
   2.0.2
